PATH
  remote: /Users/griffinj/src/github.com/pulibrary/dspace-jruby
  specs:
    dspace-jruby (0.1.0)
      json

GEM
  remote: https://rubygems.org/
  specs:
    addressable (2.7.0)
      public_suffix (>= 2.0.2, < 5.0)
    ast (2.4.1)
    builder (3.2.4)
    coderay (1.1.3)
    concurrent-ruby (1.1.7)
    domain_name (0.5.20190701)
      unf (>= 0.0.5, < 1.0.0)
    faker (2.13.0)
      i18n (>= 1.6, < 2)
    faraday (1.0.1)
      multipart-post (>= 1.2, < 3)
    ffi (1.13.1-java)
    ffi-compiler (1.0.1)
      ffi (>= 1.0.0)
      rake
    highline (2.0.3)
    http (4.4.1)
      addressable (~> 2.3)
      http-cookie (~> 1.0)
      http-form_data (~> 2.2)
      http-parser (~> 1.2.0)
    http-cookie (1.0.3)
      domain_name (~> 0.5)
    http-form_data (2.3.0)
    http-parser (1.2.1)
      ffi-compiler (>= 1.0, < 2.0)
    i18n (1.8.5)
      concurrent-ruby (~> 1.0)
    jruby-openssl (0.10.5-java)
    json (2.3.1-java)
    lumberjack (1.2.8)
    method_source (0.9.2)
    multipart-post (2.1.1)
    nokogiri (1.10.10-java)
    parallel (1.19.2)
    parser (2.7.1.4)
      ast (~> 2.4.1)
    pry (0.12.2-java)
      coderay (~> 1.1.0)
      method_source (~> 0.9.0)
      spoon (~> 0.0)
    pry-debugger-jruby (1.2.2-java)
      pry (>= 0.10, < 0.13)
      ruby-debug-base (>= 0.10.4, < 0.12)
    public_suffix (4.0.6)
    rack (2.2.3)
    rainbow (3.0.0)
    rake (13.0.1)
    regexp_parser (1.7.1)
    rexml (3.2.4)
    roo (2.8.3)
      nokogiri (~> 1)
      rubyzip (>= 1.3.0, < 3.0.0)
    rsolr (2.3.0)
      builder (>= 2.1.2)
      faraday (>= 0.9.0)
    rubocop (0.91.0)
      parallel (~> 1.10)
      parser (>= 2.7.1.1)
      rainbow (>= 2.2.2, < 4.0)
      regexp_parser (>= 1.7)
      rexml
      rubocop-ast (>= 0.4.0, < 1.0)
      ruby-progressbar (~> 1.7)
      unicode-display_width (>= 1.4.0, < 2.0)
    rubocop-ast (0.4.1)
      parser (>= 2.7.1.4)
    ruby-debug-base (0.11.0-java)
    ruby-progressbar (1.10.1)
    rubyzip (2.3.0)
    spoon (0.0.6)
      ffi
    thor (1.0.1)
    unf (0.1.4-java)
    unicode-display_width (1.7.0)
    xml-simple (1.1.5)
    yard (0.9.25)

PLATFORMS
  java

DEPENDENCIES
  dspace-jruby!
  faker
  highline
  http
  jruby-openssl
  json
  lumberjack
  pry-debugger-jruby
  rack
  roo
  rsolr
  rubocop
  thor
  xml-simple
  yard

BUNDLED WITH
   2.1.4
