GEM
  remote: https://rubygems.org/
  specs:
    addressable (2.4.0)
    builder (3.2.2)
    domain_name (0.5.20160310)
      unf (>= 0.0.5, < 1.0.0)
    faker (1.6.3)
      i18n (~> 0.5)
    highline (1.7.8)
    http (2.0.1)
      addressable (~> 2.3)
      http-cookie (~> 1.0)
      http-form_data (~> 1.0.1)
      http_parser.rb (~> 0.6.0)
    http-cookie (1.0.2)
      domain_name (~> 0.5)
    http-form_data (1.0.1)
    http_parser.rb (0.6.0-java)
    i18n (0.7.0)
    json (2.1.0-java)
    lumberjack (1.0.10)
    rack (1.6.4)
    rsolr (1.1.1)
      builder (>= 2.1.2)
    unf (0.1.4-java)
    xml-simple (1.1.5)
    yard (0.9.25)

PLATFORMS
  java

DEPENDENCIES
  faker
  highline
  http
  json
  lumberjack
  rack
  rsolr
  xml-simple
  yard

BUNDLED WITH
   1.12.3
